GEM
  remote: https://rubygems.org/
  specs:
    aws-sdk (1.66.0)
      aws-sdk-v1 (= 1.66.0)
    aws-sdk-v1 (1.66.0)
      json (~> 1.4)
      nokogiri (>= 1.4.4)
    byebug (8.2.2)
    json (1.8.3)
    mime-types (3.0)
      mime-types-data (~> 3.2015)
    mime-types-data (3.2016.0221)
    mini_portile2 (2.0.0)
    nokogiri (1.6.7.2)
      mini_portile2 (~> 2.0.0.rc2)
    rake (11.1.2)
    s3-publisher (0.9.2)
      aws-sdk (>= 1.0)
      mime-types

PLATFORMS
  ruby

DEPENDENCIES
  aws-sdk (< 2)
  byebug
  rake
  s3-publisher (= 0.9.2)

BUNDLED WITH
   1.11.2
